GEM
  remote: http://rubygems.org/
  specs:
    diff-lcs (1.2.5)
    flexmock (2.0.3)
    net-dns (0.8.0)
    power_assert (0.2.6)
    rack (1.6.4)
    rack-test (0.6.3)
      rack (>= 1.0)
    rspec (3.4.0)
      rspec-core (~> 3.4.0)
      rspec-expectations (~> 3.4.0)
      rspec-mocks (~> 3.4.0)
    rspec-core (3.4.1)
      rspec-support (~> 3.4.0)
    rspec-expectations (3.4.0)
      diff-lcs (>= 1.2.0, < 2.0)
      rspec-support (~> 3.4.0)
    rspec-mocks (3.4.0)
      diff-lcs (>= 1.2.0, < 2.0)
      rspec-support (~> 3.4.0)
    rspec-support (3.4.1)
    test-unit (3.1.5)
      power_assert

PLATFORMS
  ruby

DEPENDENCIES
  flexmock
  net-dns
  rack-test
  rspec
  rspec-mocks
  test-unit

BUNDLED WITH
   1.10.6
